PATH
  remote: .
  specs:
    mail-smtp_pool (0.1.0)
      connection_pool (~> 2.0)
      mail (~> 2.7)

GEM
  remote: https://rubygems.org/
  specs:
    connection_pool (2.2.3)
    diff-lcs (1.4.4)
    mail (2.7.1)
      mini_mime (>= 0.1.1)
    mini_mime (1.0.2)
    rspec (3.10.0)
      rspec-core (~> 3.10.0)
      rspec-expectations (~> 3.10.0)
      rspec-mocks (~> 3.10.0)
    rspec-core (3.10.1)
      rspec-support (~> 3.10.0)
    rspec-expectations (3.10.1)
      diff-lcs (>= 1.2.0, < 2.0)
      rspec-support (~> 3.10.0)
    rspec-mocks (3.10.2)
      diff-lcs (>= 1.2.0, < 2.0)
      rspec-support (~> 3.10.0)
    rspec-support (3.10.2)

PLATFORMS
  ruby

DEPENDENCIES
  mail-smtp_pool!
  rspec (~> 3.10.0)

BUNDLED WITH
   2.1.4
