PATH
  remote: .
  specs:
    mimemagic (0.3.7)

GEM
  remote: https://rubygems.org/
  specs:
    rake (12.3.3)

PLATFORMS
  ruby

DEPENDENCIES
  mimemagic!
  rake (~> 12.0)

BUNDLED WITH
   2.1.4
