PATH
  remote: /Users/ddavison/workspace/org/quality/chemlab-library-www-gitlab-com
  specs:
    chemlab-library-www-gitlab-com (0.1.0)
      chemlab (~> 0.3)

PATH
  remote: /Users/ddavison/workspace/org/quality/chemlab
  specs:
    chemlab (0.3.0)
      rake (~> 12.3.0)
      selenium-webdriver (~> 3.12)
      watir (~> 6.17)

GEM
  remote: https://rubygems.org/
  specs:
    activesupport (6.0.3.4)
      concurrent-ruby (~> 1.0, >= 1.0.2)
      i18n (>= 0.7, < 2)
      minitest (~> 5.1)
      tzinfo (~> 1.1)
      zeitwerk (~> 2.2, >= 2.2.2)
    addressable (2.7.0)
      public_suffix (>= 2.0.2, < 5.0)
    airborne (0.3.6)
      activesupport
      rack
      rack-test (>= 1.1.0, < 2.0)
      rest-client (>= 2.0.2, < 3.0)
      rspec (~> 3.8)
    ast (2.4.2)
    binding_ninja (0.2.3)
    byebug (9.1.0)
    capybara (3.29.0)
      addressable
      mini_mime (>= 0.1.3)
      nokogiri (~> 1.8)
      rack (>= 1.6.0)
      rack-test (>= 0.6.3)
      regexp_parser (~> 1.5)
      xpath (~> 3.2)
    capybara-screenshot (1.0.25)
      capybara (>= 1.0, < 4)
      launchy
    childprocess (3.0.0)
    coderay (1.1.3)
    concurrent-ruby (1.1.8)
    diff-lcs (1.4.4)
    domain_name (0.5.20190701)
      unf (>= 0.0.5, < 1.0.0)
    faker (1.9.6)
      i18n (>= 0.7)
    ffi (1.14.2)
    ffi-compiler (1.0.1)
      ffi (>= 1.0.0)
      rake
    gitlab (4.16.1)
      httparty (~> 0.14, >= 0.14.0)
      terminal-table (~> 1.5, >= 1.5.1)
    gitlab-qa (6.20.1)
      activesupport (~> 6.0.2)
      gitlab (~> 4.16.1)
      http (= 4.3.0)
      nokogiri (~> 1.10)
      table_print (= 1.5.6)
    http (4.3.0)
      addressable (~> 2.3)
      http-cookie (~> 1.0)
      http-form_data (~> 2.2)
      http-parser (~> 1.2.0)
    http-accept (1.7.0)
    http-cookie (1.0.3)
      domain_name (~> 0.5)
    http-form_data (2.3.0)
    http-parser (1.2.3)
      ffi-compiler (>= 1.0, < 2.0)
    httparty (0.18.1)
      mime-types (~> 3.0)
      multi_xml (>= 0.5.2)
    i18n (1.8.7)
      concurrent-ruby (~> 1.0)
    knapsack (1.20.0)
      rake
    launchy (2.5.0)
      addressable (~> 2.7)
    method_source (1.0.0)
    mime-types (3.3.1)
      mime-types-data (~> 3.2015)
    mime-types-data (3.2020.1104)
    mini_mime (1.0.2)
    mini_portile2 (2.5.0)
    minitest (5.14.3)
    multi_xml (0.6.0)
    netrc (0.11.0)
    nokogiri (1.11.1)
      mini_portile2 (~> 2.5.0)
      racc (~> 1.4)
    parallel (1.20.1)
    parallel_tests (2.32.0)
      parallel
    parser (3.0.0.0)
      ast (~> 2.4.1)
    proc_to_ast (0.1.0)
      coderay
      parser
      unparser
    pry (0.13.1)
      coderay (~> 1.1)
      method_source (~> 1.0)
    pry-byebug (3.5.1)
      byebug (~> 9.1)
      pry (~> 0.10)
    public_suffix (4.0.6)
    racc (1.5.2)
    rack (2.2.3)
    rack-test (1.1.0)
      rack (>= 1.0, < 3)
    rake (12.3.3)
    regexp_parser (1.8.2)
    rest-client (2.1.0)
      http-accept (>= 1.7.0, < 2.0)
      http-cookie (>= 1.0.2, < 2.0)
      mime-types (>= 1.16, < 4.0)
      netrc (~> 0.8)
    rotp (3.1.0)
    rspec (3.10.0)
      rspec-core (~> 3.10.0)
      rspec-expectations (~> 3.10.0)
      rspec-mocks (~> 3.10.0)
    rspec-core (3.10.1)
      rspec-support (~> 3.10.0)
    rspec-expectations (3.10.1)
      diff-lcs (>= 1.2.0, < 2.0)
      rspec-support (~> 3.10.0)
    rspec-mocks (3.10.1)
      diff-lcs (>= 1.2.0, < 2.0)
      rspec-support (~> 3.10.0)
    rspec-parameterized (0.4.2)
      binding_ninja (>= 0.2.3)
      parser
      proc_to_ast
      rspec (>= 2.13, < 4)
      unparser
    rspec-retry (0.6.2)
      rspec-core (> 3.3)
    rspec-support (3.10.1)
    rspec_junit_formatter (0.4.1)
      rspec-core (>= 2, < 4, != 2.12.0)
    ruby-debug-ide (0.7.2)
      rake (>= 0.8.1)
    rubyzip (2.3.0)
    selenium-webdriver (3.142.7)
      childprocess (>= 0.5, < 4.0)
      rubyzip (>= 1.2.2)
    table_print (1.5.6)
    terminal-table (1.8.0)
      unicode-display_width (~> 1.1, >= 1.1.1)
    thread_safe (0.3.6)
    timecop (0.9.2)
    tzinfo (1.2.9)
      thread_safe (~> 0.1)
    unf (0.1.4)
      unf_ext
    unf_ext (0.0.7.7)
    unicode-display_width (1.7.0)
    unparser (0.6.0)
      diff-lcs (~> 1.3)
      parser (>= 3.0.0)
    watir (6.17.0)
      regexp_parser (~> 1.2)
      selenium-webdriver (~> 3.6)
    xpath (3.2.0)
      nokogiri (~> 1.8)
    zeitwerk (2.4.2)

PLATFORMS
  ruby

DEPENDENCIES
  activesupport (~> 6.0.3.3)
  airborne (~> 0.3.4)
  capybara (~> 3.29.0)
  capybara-screenshot (~> 1.0.23)
  chemlab!
  chemlab-library-www-gitlab-com!
  faker (~> 1.6, >= 1.6.6)
  gitlab-qa
  knapsack (~> 1.17)
  nokogiri (~> 1.11.1)
  parallel (~> 1.19)
  parallel_tests (~> 2.29)
  pry-byebug (~> 3.5.1)
  rake (~> 12.3.3)
  rest-client (~> 2.1.0)
  rotp (~> 3.1.0)
  rspec (~> 3.7)
  rspec-parameterized (~> 0.4.2)
  rspec-retry (~> 0.6.1)
  rspec_junit_formatter (~> 0.4.1)
  ruby-debug-ide (~> 0.7.0)
  selenium-webdriver (~> 3.12)
  timecop (~> 0.9.1)

BUNDLED WITH
   2.1.4
